PATH
  remote: .
  specs:
    mad (0.0.1)
      ffi (~> 1.9)
      rouge (~> 1.7)

GEM
  remote: https://rubygems.org/
  specs:
    ffi (1.9.6)
    rake (10.4.2)
    rouge (1.7.7)

PLATFORMS
  ruby

DEPENDENCIES
  bundler (~> 1.7)
  mad!
  rake (~> 10.0)
