PATH
  remote: .
  specs:
    mad (0.0.5)
      rouge (~> 1.7)
      termbox-ffi (~> 0.0.3)

GEM
  remote: https://rubygems.org/
  specs:
    ast (2.0.0)
    astrolabe (1.3.0)
      parser (>= 2.2.0.pre.3, < 3.0)
    cane (2.6.2)
      parallel
    coderay (1.1.0)
    diff-lcs (1.2.5)
    docile (1.1.5)
    ffi (1.9.6)
    method_source (0.8.2)
    multi_json (1.10.1)
    parallel (1.3.3)
    parser (2.2.0.2)
      ast (>= 1.1, < 3.0)
    powerpack (0.0.9)
    pry (0.10.1)
      coderay (~> 1.1.0)
      method_source (~> 0.8.1)
      slop (~> 3.4)
    rainbow (2.0.0)
    rake (10.4.2)
    rouge (1.8.0)
    rspec (3.1.0)
      rspec-core (~> 3.1.0)
      rspec-expectations (~> 3.1.0)
      rspec-mocks (~> 3.1.0)
    rspec-core (3.1.7)
      rspec-support (~> 3.1.0)
    rspec-expectations (3.1.2)
      diff-lcs (>= 1.2.0, < 2.0)
      rspec-support (~> 3.1.0)
    rspec-mocks (3.1.3)
      rspec-support (~> 3.1.0)
    rspec-support (3.1.2)
    rubocop (0.28.0)
      astrolabe (~> 1.3)
      parser (>= 2.2.0.pre.7, < 3.0)
      powerpack (~> 0.0.6)
      rainbow (>= 1.99.1, < 3.0)
      ruby-progressbar (~> 1.4)
    ruby-prof (0.15.3)
    ruby-progressbar (1.7.1)
    simplecov (0.9.1)
      docile (~> 1.1.0)
      multi_json (~> 1.0)
      simplecov-html (~> 0.8.0)
    simplecov-html (0.8.0)
    slop (3.6.0)
    termbox-ffi (0.0.3)
      ffi (~> 1.9)
    yard (0.8.7.6)

PLATFORMS
  ruby

DEPENDENCIES
  bundler (~> 1.7)
  cane (~> 2.6.2)
  mad!
  pry (~> 0.10.1)
  rake (~> 10.0)
  rspec (~> 3.1.0)
  rubocop (~> 0.28.0)
  ruby-prof (~> 0.15.3)
  simplecov (~> 0.9.1)
  yard (~> 0.8.7)
