GEM
  remote: https://rubygems.org/
  specs:
    awesome_print (1.6.1)
    charlock_holmes (0.7.3)
    coderay (1.1.0)
    escape_utils (1.0.1)
    ffi (1.9.6)
    github-linguist (4.3.0)
      charlock_holmes (~> 0.7.3)
      escape_utils (~> 1.0.1)
      mime-types (>= 1.19)
      rugged (~> 0.22.0b4)
    mime-types (2.4.3)
    rouge (1.7.7)
    rugged (0.22.0b5)

PLATFORMS
  ruby

DEPENDENCIES
  awesome_print
  coderay
  ffi
  github-linguist
  rouge
